PATH
  remote: .
  specs:
    dlibra_client (0.1.1)
      rdf (~> 0.3)
      rdf-rdfxml (~> 0.3)

GEM
  remote: http://rubygems.org/
  specs:
    addressable (2.2.4)
    allison (2.0.3)
    chalofa_ruby-progressbar (0.0.9.1)
    diff-lcs (1.1.2)
    echoe (4.5.6)
      allison
      gemcutter
      rubyforge
    fuubar (0.0.4)
      chalofa_ruby-progressbar (~> 0.0.9)
      rspec (~> 2.0)
      rspec-instafail (~> 0.1.4)
    gemcutter (0.7.0)
    json_pure (1.5.1)
    nokogiri (1.4.4)
    rdf (0.3.3)
      addressable (= 2.2.4)
    rdf-rdfxml (0.3.3.1)
      nokogiri (>= 1.4.4)
      rdf (>= 0.3.3)
    rspec (2.5.0)
      rspec-core (~> 2.5.0)
      rspec-expectations (~> 2.5.0)
      rspec-mocks (~> 2.5.0)
    rspec-core (2.5.1)
    rspec-expectations (2.5.0)
      diff-lcs (~> 1.1.2)
    rspec-instafail (0.1.7)
    rspec-mocks (2.5.0)
    rubyforge (2.0.4)
      json_pure (>= 1.1.7)
    uuidtools (2.1.2)
    zip (2.0.2)

PLATFORMS
  ruby

DEPENDENCIES
  dlibra_client!
  echoe (~> 4.5)
  fuubar (~> 0.0.4)
  rspec (~> 2.5)
  uuidtools (~> 2.1)
  zip (~> 2.0)
