PATH
  remote: .
  specs:
    dlibra_client (0.0.1)
      rdf (~> 0.3)

GEM
  remote: http://rubygems.org/
  specs:
    addressable (2.2.4)
    diff-lcs (1.1.2)
    rdf (0.3.1)
      addressable (>= 2.2)
    rspec (2.5.0)
      rspec-core (~> 2.5.0)
      rspec-expectations (~> 2.5.0)
      rspec-mocks (~> 2.5.0)
    rspec-core (2.5.1)
    rspec-expectations (2.5.0)
      diff-lcs (~> 1.1.2)
    rspec-mocks (2.5.0)
    uuidtools (2.1.2)

PLATFORMS
  ruby

DEPENDENCIES
  dlibra_client!
  rspec (~> 2.5)
  uuidtools (~> 2.1)
